GEM
  remote: https://rubygems.org/
  specs:
    rake (13.1.0)
    rouge (2.0.7)
    xcpretty (0.3.0)
      rouge (~> 2.0.7)

PLATFORMS
  arm64-darwin-22
  ruby

DEPENDENCIES
  rake
  xcpretty

BUNDLED WITH
   2.5.4
